GEM
  remote: https://rubygems.org/
  specs:
    dotenv (2.7.4)
    faraday (0.15.4)
      multipart-post (>= 1.2, < 3)
    gyazo (3.0.1)
      faraday
      mime-types
      multipart-post
    mime-types (3.2.2)
      mime-types-data (~> 3.2015)
    mime-types-data (3.2019.0331)
    multipart-post (2.1.1)

PLATFORMS
  ruby

DEPENDENCIES
  dotenv
  faraday
  gyazo

BUNDLED WITH
   1.17.3
