GEM
  remote: https://rubygems.org/
  specs:
    dotenv (2.7.4)
    faraday (0.15.4)
      multipart-post (>= 1.2, < 3)
    multipart-post (2.1.1)

PLATFORMS
  ruby

DEPENDENCIES
  dotenv
  faraday

BUNDLED WITH
   1.17.3
